GEM
  remote: https://rubygems.org/
  specs:
    minitest (5.5.1)
    rake (10.4.2)

PLATFORMS
  java
  ruby

DEPENDENCIES
  minitest
  rake
